GEM
  remote: https://rubygems.org/
  specs:
    date (3.2.2)
    diff-lcs (1.5.0)
    json (2.6.2)
    open-uri (0.2.0)
      stringio
      time
      uri
    rspec (3.11.0)
      rspec-core (~> 3.11.0)
      rspec-expectations (~> 3.11.0)
      rspec-mocks (~> 3.11.0)
    rspec-core (3.11.0)
      rspec-support (~> 3.11.0)
    rspec-expectations (3.11.1)
      diff-lcs (>= 1.2.0, < 2.0)
      rspec-support (~> 3.11.0)
    rspec-mocks (3.11.1)
      diff-lcs (>= 1.2.0, < 2.0)
      rspec-support (~> 3.11.0)
    rspec-support (3.11.1)
    stringio (3.0.2)
    time (0.2.0)
      date
    uri (0.11.0)

PLATFORMS
  arm64-darwin-21

DEPENDENCIES
  json
  open-uri
  rspec

BUNDLED WITH
   2.3.9
